GEM
  remote: https://rubygems.org/
  specs:
    Ascii85 (1.1.0)
    addressable (2.8.4)
      public_suffix (>= 2.0.2, < 6.0)
    afm (0.2.2)
    async (2.5.1)
      console (~> 1.10)
      io-event (~> 1.1)
      timers (~> 4.1)
    colorator (1.1.0)
    concurrent-ruby (1.2.2)
    console (1.16.2)
      fiber-local
    date (3.3.3)
    dotenv (2.8.1)
    em-websocket (0.5.3)
      eventmachine (>= 0.12.9)
      http_parser.rb (~> 0)
    ethon (0.16.0)
      ffi (>= 1.15.0)
    eventmachine (1.2.7)
    ffi (1.15.5)
    fiber-local (1.0.0)
    forwardable-extended (2.6.0)
    hashery (2.1.2)
    html-proofer (5.0.7)
      addressable (~> 2.3)
      async (~> 2.1)
      nokogiri (~> 1.13)
      pdf-reader (~> 2.11)
      rainbow (~> 3.0)
      typhoeus (~> 1.3)
      yell (~> 2.0)
      zeitwerk (~> 2.5)
    http_parser.rb (0.8.0)
    i18n (1.14.0)
      concurrent-ruby (~> 1.0)
    io-event (1.2.2)
    jekyll (4.2.2)
      addressable (~> 2.4)
      colorator (~> 1.0)
      em-websocket (~> 0.5)
      i18n (~> 1.0)
      jekyll-sass-converter (~> 2.0)
      jekyll-watch (~> 2.0)
      kramdown (~> 2.3)
      kramdown-parser-gfm (~> 1.0)
      liquid (~> 4.0)
      mercenary (~> 0.4.0)
      pathutil (~> 0.9)
      rouge (~> 3.0)
      safe_yaml (~> 1.0)
      terminal-table (~> 2.0)
    jekyll-dotenv (0.2.0)
      dotenv (~> 2.7)
      jekyll (~> 4)
    jekyll-environment-variables (1.0.1)
      jekyll (>= 3.0, < 5.x)
    jekyll-feed (0.17.0)
      jekyll (>= 3.7, < 5.0)
    jekyll-paginate (1.1.0)
    jekyll-relative-links (0.7.0)
      jekyll (>= 3.3, < 5.0)
    jekyll-sass-converter (2.2.0)
      sassc (> 2.0.1, < 3.0)
    jekyll-seo-tag (2.8.0)
      jekyll (>= 3.8, < 5.0)
    jekyll-sitemap (1.4.0)
      jekyll (>= 3.7, < 5.0)
    jekyll-watch (2.2.1)
      listen (~> 3.0)
    kramdown (2.4.0)
      rexml
    kramdown-parser-gfm (1.1.0)
      kramdown (~> 2.0)
    liquid (4.0.4)
    listen (3.8.0)
      rb-fsevent (~> 0.10, >= 0.10.3)
      rb-inotify (~> 0.9, >= 0.9.10)
    mercenary (0.4.0)
    mimemagic (0.4.3)
      nokogiri (~> 1)
      rake
    mini_portile2 (2.8.2)
    nokogiri (1.15.2)
      mini_portile2 (~> 2.8.2)
      racc (~> 1.4)
    nokogiri (1.15.2-arm64-darwin)
      racc (~> 1.4)
    nokogiri (1.15.2-x86_64-linux)
      racc (~> 1.4)
    open-uri (0.3.0)
      stringio
      time
      uri
    pathutil (0.16.2)
      forwardable-extended (~> 2.6)
    pdf-reader (2.11.0)
      Ascii85 (~> 1.0)
      afm (~> 0.2.1)
      hashery (~> 2.0)
      ruby-rc4
      ttfunk
    public_suffix (5.0.1)
    racc (1.6.2)
    rainbow (3.1.1)
    rake (13.0.6)
    rb-fsevent (0.11.2)
    rb-inotify (0.10.1)
      ffi (~> 1.0)
    rexml (3.2.5)
    rouge (3.30.0)
    ruby-rc4 (0.1.5)
    safe_yaml (1.0.5)
    sassc (2.4.0)
      ffi (~> 1.9)
    stringio (3.0.7)
    terminal-table (2.0.0)
      unicode-display_width (~> 1.1, >= 1.1.1)
    time (0.2.2)
      date
    timers (4.3.5)
    ttfunk (1.7.0)
    typhoeus (1.4.0)
      ethon (>= 0.9.0)
    unicode-display_width (1.8.0)
    uri (0.12.1)
    webrick (1.8.1)
    yell (2.2.2)
    zeitwerk (2.6.8)

PLATFORMS
  arm64-darwin-21
  ruby
  x86_64-linux

DEPENDENCIES
  html-proofer
  jekyll (~> 4.2.2)
  jekyll-dotenv
  jekyll-environment-variables
  jekyll-feed
  jekyll-paginate
  jekyll-relative-links
  jekyll-seo-tag
  jekyll-sitemap
  kramdown
  liquid
  mimemagic
  open-uri
  rake
  rouge
  webrick (~> 1.7)

BUNDLED WITH
   2.3.17
